PATH
  remote: .
  specs:
    yabeda-rack-ratelimit (0.1.0)
      rack-ratelimit
      yabeda

GEM
  remote: https://rubygems.org/
  specs:
    anyway_config (2.4.2)
      ruby-next-core (>= 0.14.0)
    concurrent-ruby (1.2.2)
    dry-initializer (3.1.1)
    minitest (5.18.1)
    rack-ratelimit (1.2.1)
    rake (13.0.6)
    ruby-next-core (0.15.3)
    yabeda (0.11.0)
      anyway_config (>= 1.0, < 3)
      concurrent-ruby
      dry-initializer

PLATFORMS
  arm64-darwin-22

DEPENDENCIES
  minitest
  rake
  yabeda-rack-ratelimit!

BUNDLED WITH
   2.4.17
